GEM
  remote: https://rubygems.org/
  specs:
    addressable (2.5.2)
      public_suffix (>= 2.0.2, < 4.0)
    ffi (1.9.18-x64-mingw32)
    jekyll-paginate (1.1.0)
    jekyll-watch (1.5.0)
      listen (~> 3.0, < 3.1)
    kramdown (1.15.0)
    listen (3.0.8)
      rb-fsevent (~> 0.9, >= 0.9.4)
      rb-inotify (~> 0.9, >= 0.9.7)
    public_suffix (3.0.0)
    rb-fsevent (0.10.2)
    rb-inotify (0.9.10)
      ffi (>= 0.5.0, < 2)
    wdm (0.1.1)

PLATFORMS
  x64-mingw32

DEPENDENCIES
  addressable (~> 2.5, >= 2.5.2)
  jekyll-paginate (~> 1.1)
  jekyll-watch (~> 1.5)
  kramdown (~> 1.15)
  wdm (~> 0.1.1)

